GIT
  remote: https://github.com/YaleUniversity/proteus_client.git
  revision: 6d769e702335da960e65ffa8cdc3f2e60c845981
  specs:
    proteus (0.5.0)
      awesome_print (~> 0)
      cri (~> 2.7, >= 2.7.1)
      mini_portile2 (~> 2.0)
      netaddr (~> 1.5, >= 1.5.1)
      savon (~> 2.0)

GEM
  remote: https://rubygems.org/
  specs:
    addressable (2.7.0)
      public_suffix (>= 2.0.2, < 5.0)
    akami (1.3.1)
      gyoku (>= 0.4.0)
      nokogiri
    ast (2.4.1)
    awesome_print (0.4.0)
    bcrypt (3.1.16)
    builder (3.2.4)
    cri (2.15.11)
    diff-lcs (1.4.4)
    docile (1.3.4)
    gyoku (1.3.1)
      builder (>= 2.1.2)
    httpi (2.4.5)
      rack
      socksify
    json (2.5.1)
    json-schema (2.8.1)
      addressable (>= 2.4)
    logger (1.4.3)
    mini_portile2 (2.5.1)
    multi_json (1.15.0)
    mustermann (1.1.1)
      ruby2_keywords (~> 0.0.1)
    netaddr (1.5.1)
    nio4r (2.5.7)
    nokogiri (1.11.5)
      mini_portile2 (~> 2.5.0)
      racc (~> 1.4)
    nori (2.6.0)
    parallel (1.20.1)
    parser (3.0.0.0)
      ast (~> 2.4.1)
    public_suffix (4.0.6)
    puma (5.3.1)
      nio4r (~> 2.0)
    racc (1.5.2)
    rack (2.2.3)
    rack-protection (2.1.0)
      rack
    rack-test (1.1.0)
      rack (>= 1.0, < 3)
    rainbow (3.0.0)
    rake (13.0.3)
    regexp_parser (2.0.3)
    require_all (3.0.0)
    rexml (3.2.5)
    rspec (3.10.0)
      rspec-core (~> 3.10.0)
      rspec-expectations (~> 3.10.0)
      rspec-mocks (~> 3.10.0)
    rspec-core (3.10.1)
      rspec-support (~> 3.10.0)
    rspec-expectations (3.10.1)
      diff-lcs (>= 1.2.0, < 2.0)
      rspec-support (~> 3.10.0)
    rspec-mocks (3.10.1)
      diff-lcs (>= 1.2.0, < 2.0)
      rspec-support (~> 3.10.0)
    rspec-support (3.10.1)
    rspec_junit_formatter (0.4.1)
      rspec-core (>= 2, < 4, != 2.12.0)
    rubocop (1.8.1)
      parallel (~> 1.10)
      parser (>= 3.0.0.0)
      rainbow (>= 2.2.2, < 4.0)
      regexp_parser (>= 1.8, < 3.0)
      rexml
      rubocop-ast (>= 1.2.0, < 2.0)
      ruby-progressbar (~> 1.7)
      unicode-display_width (>= 1.4.0, < 3.0)
    rubocop-ast (1.4.0)
      parser (>= 2.7.1.5)
    ruby-progressbar (1.11.0)
    ruby2_keywords (0.0.2)
    savon (2.12.1)
      akami (~> 1.2)
      builder (>= 2.1.2)
      gyoku (~> 1.2)
      httpi (~> 2.3)
      nokogiri (>= 1.8.1)
      nori (~> 2.4)
      wasabi (~> 3.4)
    shotgun (0.9.2)
      rack (>= 1.0)
    simplecov (0.21.2)
      docile (~> 1.1)
      simplecov-html (~> 0.11)
      simplecov_json_formatter (~> 0.1)
    simplecov-html (0.12.3)
    simplecov-rcov (0.2.3)
      simplecov (>= 0.4.1)
    simplecov_json_formatter (0.1.2)
    sinatra (2.1.0)
      mustermann (~> 1.0)
      rack (~> 2.2)
      rack-protection (= 2.1.0)
      tilt (~> 2.0)
    sinatra-contrib (2.1.0)
      multi_json
      mustermann (~> 1.0)
      rack-protection (= 2.1.0)
      sinatra (= 2.1.0)
      tilt (~> 2.0)
    sinatra-cross_origin (0.4.0)
    socksify (1.7.1)
    tilt (2.0.10)
    unicode-display_width (2.0.0)
    wasabi (3.5.0)
      addressable
      httpi (~> 2.0)
      nokogiri (>= 1.4.2)

PLATFORMS
  ruby

DEPENDENCIES
  bcrypt
  json
  json-schema
  logger
  netaddr (~> 1.5, >= 1.5.1)
  proteus!
  puma
  rack-test
  rake
  require_all
  rspec
  rspec_junit_formatter
  rubocop
  shotgun
  simplecov
  simplecov-rcov
  sinatra
  sinatra-contrib
  sinatra-cross_origin

BUNDLED WITH
   1.17.2
